GEM
  remote: https://rubygems.org/
  specs:
    figaro (1.2.0)
      thor (>= 0.14.0, < 2)
    rake (13.0.3)
    thor (1.1.0)

PLATFORMS
  x64-mingw32

DEPENDENCIES
  figaro
  rake

RUBY VERSION
   ruby 2.7.2p137

BUNDLED WITH
   2.2.21
